GIT
  remote: https://github.com/poymode/eventmachine.git
  revision: c2a65b8175501500afea568e9c72a1682d6c0de8
  specs:
    eventmachine (0.12.11)

GIT
  remote: https://github.com/poymode/puppet_master.git
  revision: c04166f0ee35330308efce5f087b67ac657847ba
  specs:
    puppet_master (0.2.1)

GEM
  remote: http://www.rubygems.org/
  specs:
    actionmailer (2.3.11)
      actionpack (= 2.3.11)
    actionpack (2.3.11)
      activesupport (= 2.3.11)
      rack (~> 1.1.0)
    activerecord (2.3.11)
      activesupport (= 2.3.11)
    activeresource (2.3.11)
      activesupport (= 2.3.11)
    activesupport (2.3.11)
    daemons (1.1.4)
    haml (3.0.25)
    mysql (2.8.1)
    rack (1.1.2)
    rails (2.3.11)
      actionmailer (= 2.3.11)
      actionpack (= 2.3.11)
      activerecord (= 2.3.11)
      activeresource (= 2.3.11)
      activesupport (= 2.3.11)
      rake (>= 0.8.3)
    rake (0.9.2.2)
    thin (1.3.0)
      daemons (>= 1.0.9)
      eventmachine (>= 0.12.6)
      rack (>= 1.0.0)

PLATFORMS
  ruby

DEPENDENCIES
  eventmachine!
  haml
  mysql
  puppet_master!
  rack
  rails (= 2.3.11)
  thin
